GIT
  remote: https://github.com/voxpupuli/voxpupuli-release-gem.git
  revision: 1847b8468a4cbfa502f15010b1eaf3f64193e1f9
  specs:
    voxpupuli-release (0.4.0.pre)
      puppet-blacksmith
      rake

GEM
  remote: https://rubygems.org/
  specs:
    CFPropertyList (2.3.6)
    addressable (2.4.0)
    ansi (1.5.0)
    ast (2.3.0)
    aws-eventstream (1.1.0)
    aws-partitions (1.345.0)
    aws-sdk-core (3.104.3)
      aws-eventstream (~> 1, >= 1.0.2)
      aws-partitions (~> 1, >= 1.239.0)
      aws-sigv4 (~> 1.1)
      jmespath (~> 1.0)
    aws-sdk-ec2 (1.179.0)
      aws-sdk-core (~> 3, >= 3.99.0)
      aws-sigv4 (~> 1.1)
    aws-sigv4 (1.2.1)
      aws-eventstream (~> 1, >= 1.0.2)
    backports (3.6.8)
    beaker (3.37.0)
      beaker-abs (~> 0.4)
      beaker-aws (~> 0.1)
      beaker-docker (~> 0.1)
      beaker-google (~> 0.1)
      beaker-hiera (~> 0.0)
      beaker-hostgenerator
      beaker-openstack (~> 0.1)
      beaker-puppet (~> 0.0)
      beaker-vagrant (~> 0.1)
      beaker-vcloud (~> 0.1)
      beaker-vmpooler (~> 1.0)
      beaker-vmware (~> 0.1)
      hocon (~> 1.0)
      in-parallel (~> 0.1)
      inifile (~> 3.0)
      minitar (~> 0.6)
      minitest (~> 5.4)
      net-scp (~> 1.2)
      net-ssh (~> 4.0)
      open_uri_redirections (~> 0.2.1)
      pry-byebug (~> 3.4.2)
      rb-readline (~> 0.5.3)
      rsync (~> 1.0.9)
      stringify-hash (~> 0.0)
      thor (~> 0.19)
    beaker-abs (0.5.0)
    beaker-aws (0.9.0)
      aws-partitions (~> 1.91)
      aws-sdk-ec2 (~> 1.35)
      stringify-hash (~> 0.0.0)
    beaker-docker (0.7.0)
      docker-api
      stringify-hash (~> 0.0.0)
    beaker-google (0.2.1)
      google-api-client (~> 0.8)
      stringify-hash (~> 0.0.0)
    beaker-hiera (0.1.1)
      stringify-hash (~> 0.0.0)
    beaker-hostgenerator (1.2.6)
      deep_merge (~> 1.0)
      stringify-hash (~> 0.0.0)
    beaker-openstack (0.3.0)
      fog-openstack (~> 1.0.0)
      stringify-hash (~> 0.0.0)
    beaker-puppet (0.17.1)
      in-parallel (~> 0.1)
      oga
      stringify-hash (~> 0.0.0)
    beaker-puppet_install_helper (0.6.0)
      beaker (>= 2.0)
    beaker-rspec (6.0.0)
      beaker (~> 3.0)
      rspec
      serverspec (~> 2)
      specinfra (~> 2)
    beaker-vagrant (0.6.6)
      stringify-hash (~> 0.0.0)
    beaker-vcloud (0.4.0)
      beaker-vmpooler
      beaker-vmware
      rbvmomi (~> 1.9)
      stringify-hash (~> 0.0.0)
    beaker-vmpooler (1.3.3)
      stringify-hash (~> 0.0.0)
    beaker-vmware (0.3.0)
      fission (~> 0.4)
      rbvmomi (~> 1.9)
      stringify-hash (~> 0.0.0)
    builder (3.2.4)
    byebug (9.0.6)
    coderay (1.1.1)
    coveralls (0.8.19)
      json (>= 1.8, < 3)
      simplecov (~> 0.12.0)
      term-ansicolor (~> 1.3)
      thor (~> 0.19.1)
      tins (~> 1.6)
    declarative (0.0.20)
    declarative-option (0.1.0)
    deep_merge (1.2.1)
    diff-lcs (1.3)
    docile (1.1.5)
    docker-api (1.34.2)
      excon (>= 0.47.0)
      multi_json
    domain_name (0.5.20161129)
      unf (>= 0.0.5, < 1.0.0)
    ethon (0.10.1)
      ffi (>= 1.3.0)
    excon (0.76.0)
    facter (2.4.6)
    facterdb (0.3.9)
      facter
      jgrep
    faraday (0.17.3)
      multipart-post (>= 1.2, < 3)
    faraday_middleware (0.11.0.1)
      faraday (>= 0.7.4, < 1.0)
    fast_gettext (1.1.0)
    ffi (1.9.17)
    fission (0.5.0)
      CFPropertyList (~> 2.2)
    fog-core (2.2.0)
      builder
      excon (~> 0.71)
      formatador (~> 0.2)
      mime-types
    fog-json (1.2.0)
      fog-core
      multi_json (~> 1.10)
    fog-openstack (1.0.11)
      fog-core (~> 2.1)
      fog-json (>= 1.0)
      ipaddress (>= 0.8)
    formatador (0.2.5)
    gettext (3.2.2)
      locale (>= 2.0.5)
      text (>= 1.3.0)
    gettext-setup (0.13)
      fast_gettext (~> 1.1.0)
      gettext (>= 3.0.2)
      locale
    gh (0.15.0)
      addressable (~> 2.4.0)
      backports
      faraday (~> 0.8)
      multi_json (~> 1.0)
      net-http-persistent (~> 2.9)
      net-http-pipeline
    google-api-client (0.10.3)
      addressable (~> 2.3)
      googleauth (~> 0.5)
      httpclient (~> 2.7)
      hurley (~> 0.1)
      memoist (~> 0.11)
      mime-types (>= 1.6)
      representable (~> 3.0)
      retriable (>= 2.0, < 4.0)
    googleauth (0.13.0)
      faraday (>= 0.17.3, < 2.0)
      jwt (>= 1.4, < 3.0)
      memoist (~> 0.16)
      multi_json (~> 1.11)
      os (>= 0.9, < 2.0)
      signet (~> 0.14)
    guard (2.14.1)
      formatador (>= 0.2.4)
      listen (>= 2.7, < 4.0)
      lumberjack (~> 1.0)
      nenv (~> 0.1)
      notiffany (~> 0.0)
      pry (>= 0.9.12)
      shellany (~> 0.0)
      thor (>= 0.18.1)
    guard-rake (1.0.0)
      guard
      rake
    hiera (3.2.2)
    highline (1.7.8)
    hirb (0.7.3)
    hocon (1.3.1)
    http-cookie (1.0.3)
      domain_name (~> 0.5)
    httpclient (2.8.3)
    hurley (0.2)
    in-parallel (0.1.17)
    inifile (3.0.0)
    ipaddress (0.8.3)
    jgrep (1.4.1)
      json
    jmespath (1.4.0)
    json (2.3.1)
    json_pure (1.8.6)
    jwt (2.2.1)
    launchy (2.4.3)
      addressable (~> 2.3)
    listen (3.1.5)
      rb-fsevent (~> 0.9, >= 0.9.4)
      rb-inotify (~> 0.9, >= 0.9.7)
      ruby_dep (~> 1.2)
    locale (2.1.2)
    lumberjack (1.0.11)
    mcollective-client (2.9.1)
      json
      stomp
      systemu
    memoist (0.16.2)
    metaclass (0.0.4)
    metadata-json-lint (1.0.0)
      json
      semantic_puppet (>= 0.1.2, < 2.0.0)
      spdx-licenses (~> 1.0)
    method_source (0.8.2)
    mime-types (2.99.3)
    mini_portile2 (2.4.0)
    minitar (0.9)
    minitest (5.14.1)
    mocha (1.2.1)
      metaclass (~> 0.0.1)
    multi_json (1.15.0)
    multipart-post (2.1.1)
    nenv (0.3.0)
    net-http-persistent (2.9.4)
    net-http-pipeline (1.0.1)
    net-scp (1.2.1)
      net-ssh (>= 2.6.5)
    net-ssh (4.2.0)
    net-telnet (0.1.1)
    netrc (0.11.0)
    nokogiri (1.10.10)
      mini_portile2 (~> 2.4.0)
    notiffany (0.1.1)
      nenv (~> 0.1)
      shellany (~> 0.0)
    oga (3.3)
      ast
      ruby-ll (~> 2.1)
    open_uri_redirections (0.2.1)
    os (1.1.0)
    parser (2.4.0.0)
      ast (~> 2.2)
    powerpack (0.1.1)
    pry (0.10.4)
      coderay (~> 1.1.0)
      method_source (~> 0.8.1)
      slop (~> 3.4)
    pry-byebug (3.4.3)
      byebug (>= 9.0, < 9.1)
      pry (~> 0.10)
    puppet (4.9.2)
      facter (> 2.0, < 4)
      gettext-setup (>= 0.10, < 1)
      hiera (>= 2.0, < 4)
      json_pure (~> 1.8)
      locale (~> 2.1)
    puppet-blacksmith (3.4.0)
      puppet (>= 2.7.16)
      rest-client (~> 1.8.0)
    puppet-lint (2.1.0)
    puppet-lint-absolute_classname-check (0.2.4)
      puppet-lint (>= 1.0, < 3.0)
    puppet-lint-classes_and_types_beginning_with_digits-check (0.1.2)
      puppet-lint (>= 1.0, < 3.0)
    puppet-lint-leading_zero-check (0.1.1)
      puppet-lint (>= 1.0, < 3.0)
    puppet-lint-trailing_comma-check (0.3.2)
      puppet-lint (>= 1.0, < 3.0)
    puppet-lint-unquoted_string-check (0.3.0)
      puppet-lint (>= 1.0, < 3.0)
    puppet-lint-variable_contains_upcase (1.1.0)
      puppet-lint (>= 1.0, < 3.0)
    puppet-lint-version_comparison-check (0.2.1)
      puppet-lint (>= 1.0, < 3.0)
    puppet-strings (1.0.0)
      yard (~> 0.9.5)
    puppet-syntax (2.3.0)
      rake
    puppetlabs_spec_helper (1.2.2)
      mocha (~> 1.0)
      puppet-lint (~> 2.0)
      puppet-syntax (~> 2.0)
      rspec-puppet (~> 2.0)
    pusher-client (0.6.2)
      json
      websocket (~> 1.0)
    rainbow (2.2.1)
    rake (13.0.1)
    rb-fsevent (0.9.8)
    rb-inotify (0.9.8)
      ffi (>= 0.5.0)
    rb-readline (0.5.5)
    rbvmomi (1.13.0)
      builder (~> 3.0)
      json (>= 1.8)
      nokogiri (~> 1.5)
      trollop (~> 2.1)
    redcarpet (3.4.0)
    representable (3.0.4)
      declarative (< 0.1.0)
      declarative-option (< 0.2.0)
      uber (< 0.2.0)
    rest-client (1.8.0)
      http-cookie (>= 1.0.2, < 2.0)
      mime-types (>= 1.16, < 3.0)
      netrc (~> 0.7)
    retriable (3.1.2)
    rspec (3.5.0)
      rspec-core (~> 3.5.0)
      rspec-expectations (~> 3.5.0)
      rspec-mocks (~> 3.5.0)
    rspec-core (3.5.4)
      rspec-support (~> 3.5.0)
    rspec-expectations (3.5.0)
      diff-lcs (>= 1.2.0, < 2.0)
      rspec-support (~> 3.5.0)
    rspec-its (1.2.0)
      rspec-core (>= 3.0.0)
      rspec-expectations (>= 3.0.0)
    rspec-mocks (3.5.0)
      diff-lcs (>= 1.2.0, < 2.0)
      rspec-support (~> 3.5.0)
    rspec-puppet (2.5.0)
      rspec
    rspec-puppet-facts (1.7.1)
      facter
      facterdb (>= 0.3.0)
      json
      mcollective-client
      puppet
    rspec-puppet-utils (3.1.0)
      mocha
      puppet (>= 3)
      puppetlabs_spec_helper
      rspec
      rspec-puppet
    rspec-support (3.5.0)
    rsync (1.0.9)
    rubocop (0.47.1)
      parser (>= 2.3.3.1, < 3.0)
      powerpack (~> 0.1)
      rainbow (>= 1.99.1, < 3.0)
      ruby-progressbar (~> 1.7)
      unicode-display_width (~> 1.0, >= 1.0.1)
    rubocop-rspec (1.10.0)
      rubocop (>= 0.42.0)
    ruby-ll (2.1.2)
      ansi
      ast
    ruby-progressbar (1.8.1)
    ruby_dep (1.5.0)
    semantic_puppet (0.1.4)
      gettext-setup (>= 0.3)
    serverspec (2.38.0)
      multi_json
      rspec (~> 3.0)
      rspec-its
      specinfra (~> 2.53)
    sfl (2.3)
    shellany (0.0.1)
    signet (0.14.0)
      addressable (~> 2.3)
      faraday (>= 0.17.3, < 2.0)
      jwt (>= 1.5, < 3.0)
      multi_json (~> 1.10)
    simplecov (0.12.0)
      docile (~> 1.1.0)
      json (>= 1.8, < 3)
      simplecov-html (~> 0.10.0)
    simplecov-console (0.4.1)
      ansi
      hirb
      simplecov
    simplecov-html (0.10.0)
    slop (3.6.0)
    spdx-licenses (1.1.0)
    specinfra (2.66.9)
      net-scp
      net-ssh (>= 2.7, < 5.0)
      net-telnet
      sfl
    stomp (1.4.3)
    stringify-hash (0.0.2)
    systemu (2.6.5)
    term-ansicolor (1.4.0)
      tins (~> 1.0)
    text (1.3.1)
    thor (0.19.4)
    tins (1.13.2)
    travis (1.8.6)
      backports
      faraday (~> 0.9)
      faraday_middleware (~> 0.9, >= 0.9.1)
      gh (~> 0.13)
      highline (~> 1.6)
      launchy (~> 2.1)
      pusher-client (~> 0.4)
      typhoeus (~> 0.6, >= 0.6.8)
    travis-lint (2.0.0)
      json
    trollop (2.9.10)
    typhoeus (0.8.0)
      ethon (>= 0.8.0)
    uber (0.1.0)
    unf (0.1.4)
      unf_ext
    unf_ext (0.0.7.7)
    unicode-display_width (1.1.3)
    websocket (1.2.4)
    yard (0.9.8)

PLATFORMS
  ruby

DEPENDENCIES
  beaker-puppet_install_helper
  beaker-rspec
  coveralls
  facter
  guard-rake
  metadata-json-lint
  mocha (>= 1.2.1)
  puppet (~> 4.0)
  puppet-blacksmith
  puppet-lint-absolute_classname-check
  puppet-lint-classes_and_types_beginning_with_digits-check
  puppet-lint-leading_zero-check
  puppet-lint-trailing_comma-check
  puppet-lint-unquoted_string-check
  puppet-lint-variable_contains_upcase
  puppet-lint-version_comparison-check
  puppet-strings (~> 1.0.0)
  puppetlabs_spec_helper (~> 1.2.2)
  redcarpet
  rspec-puppet (~> 2.5)
  rspec-puppet-facts
  rspec-puppet-utils
  rubocop (~> 0.47.0)
  rubocop-rspec (~> 1.10.0)
  serverspec
  simplecov-console
  travis
  travis-lint
  voxpupuli-release!

BUNDLED WITH
   1.14.3
